GEM
  remote: https://rubygems.org/
  specs:
    mime-types (1.21)
    rack (1.5.2)
    rack-protection (1.3.2)
      rack
    rest-client (1.6.7)
      mime-types (>= 1.16)
    sinatra (1.3.5)
      rack (~> 1.4)
      rack-protection (~> 1.3)
      tilt (~> 1.3, >= 1.3.3)
    tilt (1.3.3)

PLATFORMS
  ruby

DEPENDENCIES
  rest-client (~> 1.6.3)
  sinatra (~> 1.3.5)

BUNDLED WITH
   1.16.1
